GEM
  specs:
    rack (1.4.4)

PLATFORMS
  ruby

DEPENDENCIES
  rack
